GIT
  remote: https://github.com/kiyoto/fluent-plugin-docker-metrics.git
  revision: b2e1caf69a4c8e4573f1f540b464162efe8fbe63
  specs:
    fluent-plugin-docker-metrics (0.0.2)
      docker-api
      fluentd

GIT
  remote: https://github.com/kiyoto/fluent-plugin-librato.git
  revision: c2fe2389aef9ccfcb3631e004ea6f4404f0efdaa
  specs:
    fluent-plugin-librato (0.0.1)
      fluentd
      librato-metrics

GEM
  remote: https://rubygems.org/
  specs:
    aggregate (0.2.2)
    cool.io (1.4.3)
    docker-api (1.26.0)
      excon (>= 0.38.0)
      json
    excon (0.45.4)
    faraday (0.9.2)
      multipart-post (>= 1.2, < 3)
    fluentd (0.12.20)
      cool.io (>= 1.2.2, < 2.0.0)
      http_parser.rb (>= 0.5.1, < 0.7.0)
      json (>= 1.4.3)
      msgpack (>= 0.5.11, < 0.6.0)
      sigdump (~> 0.2.2)
      string-scrub (>= 0.0.3)
      tzinfo (>= 1.0.0)
      tzinfo-data (>= 1.0.0)
      yajl-ruby (~> 1.0)
    http_parser.rb (0.6.0)
    json (1.8.3)
    librato-metrics (1.6.0)
      aggregate (~> 0.2.2)
      faraday (~> 0.7)
      multi_json
    msgpack (0.5.12)
    multi_json (1.11.2)
    multipart-post (2.0.0)
    sigdump (0.2.4)
    string-scrub (0.0.5)
    thread_safe (0.3.5)
    tzinfo (1.2.2)
      thread_safe (~> 0.1)
    tzinfo-data (1.2016.1)
      tzinfo (>= 1.0.0)
    yajl-ruby (1.2.1)

PLATFORMS
  ruby

DEPENDENCIES
  fluent-plugin-docker-metrics!
  fluent-plugin-librato!
  fluentd
